GEM
  remote: https://rubygems.org/
  specs:
    atk (4.2.0)
      glib2 (= 4.2.0)
    cairo (1.17.12)
      native-package-installer (>= 1.0.3)
      pkg-config (>= 1.2.2)
      red-colors
    cairo-gobject (4.2.0)
      cairo (>= 1.16.2)
      glib2 (= 4.2.0)
    coderay (1.1.3)
    erubi (1.12.0)
    fiddle (1.1.1)
    forwardable (1.3.3)
    gdk3 (4.2.0)
      cairo-gobject (= 4.2.0)
      gdk_pixbuf2 (= 4.2.0)
      pango (= 4.2.0)
    gdk_pixbuf2 (4.2.0)
      gio2 (= 4.2.0)
    gettext (3.4.7)
      erubi
      locale (>= 2.0.5)
      prime
      racc
      text (>= 1.3.0)
    gio2 (4.2.0)
      fiddle
      gobject-introspection (= 4.2.0)
    glib2 (4.2.0)
      native-package-installer (>= 1.0.3)
      pkg-config (>= 1.3.5)
    gobject-introspection (4.2.0)
      glib2 (= 4.2.0)
    gtk3 (4.2.0)
      atk (= 4.2.0)
      gdk3 (= 4.2.0)
    hikidoc (0.1.0)
    kramdown (2.4.0)
      rexml
    kramdown-parser-gfm (1.1.0)
      kramdown (~> 2.0)
    locale (2.1.3)
    matrix (0.4.2)
    native-package-installer (1.1.8)
    nokogiri (1.15.4-arm64-darwin)
      racc (~> 1.4)
    pango (4.2.0)
      cairo-gobject (= 4.2.0)
      gobject-introspection (= 4.2.0)
    pkg-config (1.5.2)
    poppler (4.2.0)
      cairo-gobject (= 4.2.0)
      gio2 (= 4.2.0)
    prime (0.1.2)
      forwardable
      singleton
    rabbit (3.0.3)
      coderay (>= 1.0.0)
      gdk_pixbuf2 (>= 3.0.9)
      gettext (>= 3.0.1)
      gtk3
      hikidoc
      kramdown-parser-gfm
      nokogiri
      poppler (>= 3.2.5)
      rdtool
      rouge
      rsvg2 (>= 3.1.4)
      rttool
    racc (1.7.1)
    rake (13.0.6)
    rdtool (0.6.38)
    red-colors (0.3.0)
      matrix
    rexml (3.2.6)
    rouge (4.1.3)
    rsvg2 (4.2.0)
      cairo-gobject (= 4.2.0)
      gdk_pixbuf2 (= 4.2.0)
    rttool (1.0.3.0)
    singleton (0.1.1)
    text (1.3.1)

PLATFORMS
  arm64-darwin-22

DEPENDENCIES
  rabbit
  rake
  rouge

BUNDLED WITH
   2.4.17
